GEM
  remote: http://rubygems.org/
  specs:
    builder (3.0.0)
    rack (1.2.1)
    sinatra (1.0)
      rack (>= 1.0)
    twiliolib (2.0.7)
      builder (>= 2.1.2)

PLATFORMS
  ruby

DEPENDENCIES
  sinatra (= 1.0)
  twiliolib (= 2.0.7)
